PATH
  remote: .
  specs:
    array-stack (1.2.0)

GEM
  remote: https://rubygems.org/
  specs:
    minitest (5.11.3)
    rake (13.0.1)

PLATFORMS
  ruby

DEPENDENCIES
  array-stack!
  bundler (~> 1.16)
  minitest (~> 5.0)
  rake (~> 13.0)

BUNDLED WITH
   1.17.3
